GEM
  remote: https://rubygems.org/
  specs:
    ansi (1.5.0)
    builder (3.2.4)
    coderay (1.1.2)
    docile (1.3.2)
    method_source (1.0.0)
    minitest (5.14.0)
    minitest-reporters (1.4.2)
      ansi
      builder
      minitest (>= 5.0)
      ruby-progressbar
    pry (0.13.1)
      coderay (~> 1.1)
      method_source (~> 1.0)
    rake (13.0.1)
    ruby-progressbar (1.10.1)
    simplecov (0.18.5)
      docile (~> 1.1)
      simplecov-html (~> 0.11)
    simplecov-html (0.12.2)
    stamp (0.6.0)

PLATFORMS
  ruby

DEPENDENCIES
  minitest (~> 5.14.0)
  minitest-reporters (~> 1.4.2rv)
  pry (~> 0.13)
  rake
  simplecov (~> 0.18.5)
  stamp

RUBY VERSION
   ruby 2.5.5p157

BUNDLED WITH
   1.16.6
